PATH
  remote: .
  specs:
    rspec_api_documentation (0.3.1)
      activesupport
      i18n
      mustache
      rack-test
      rspec
      webmock

GEM
  remote: http://rubygems.org/
  specs:
    activesupport (3.1.1)
      multi_json (~> 1.0)
    addressable (2.2.6)
    crack (0.1.8)
    diff-lcs (1.1.3)
    fakefs (0.4.0)
    i18n (0.6.0)
    multi_json (1.0.3)
    mustache (0.99.4)
    rack (1.3.5)
    rack-test (0.6.1)
      rack (>= 1.0)
    rspec (2.7.0)
      rspec-core (~> 2.7.0)
      rspec-expectations (~> 2.7.0)
      rspec-mocks (~> 2.7.0)
    rspec-core (2.7.1)
    rspec-expectations (2.7.0)
      diff-lcs (~> 1.1.2)
    rspec-mocks (2.7.0)
    sinatra (1.2.6)
      rack (~> 1.1)
      tilt (>= 1.2.2, < 2.0)
    tilt (1.3.3)
    webmock (1.7.6)
      addressable (~> 2.2, > 2.2.5)
      crack (>= 0.1.7)

PLATFORMS
  ruby

DEPENDENCIES
  fakefs
  rspec_api_documentation!
  sinatra
